GEM
  remote: https://rubygems.org/
  specs:
    erubi (1.13.1)
    minitest (5.25.5)
    rake (13.2.1)
    tilt (2.6.1)
    webrick (1.9.1)
    zeitwerk (2.7.3)

PLATFORMS
  arm64-darwin-24
  ruby

DEPENDENCIES
  erubi
  minitest
  rake
  tilt
  webrick
  zeitwerk

BUNDLED WITH
   2.6.9
