GEM
  remote: https://rubygems.org/
  specs:
    minitest (5.25.5)
    rake (13.2.1)
    webrick (1.9.1)
    zeitwerk (2.7.3)

PLATFORMS
  arm64-darwin-24
  ruby

DEPENDENCIES
  minitest
  rake
  webrick
  zeitwerk

BUNDLED WITH
   2.6.9
