GEM
  remote: https://rubygems.org/
  specs:
    erubi (1.13.1)
    fast_gettext (4.1.0)
      prime
      racc
    ffi (1.17.2)
    ffi (1.17.2-arm64-darwin)
    forwardable (1.3.3)
    kramdown (2.5.1)
      rexml (>= 3.3.9)
    listen (3.9.0)
      rb-fsevent (~> 0.10, >= 0.10.3)
      rb-inotify (~> 0.9, >= 0.9.10)
    minitest (5.25.5)
    prime (0.1.4)
      forwardable
      singleton
    racc (1.8.1)
    rake (13.3.0)
    rb-fsevent (0.11.2)
    rb-inotify (0.11.1)
      ffi (~> 1.0)
    rexml (3.4.1)
    singleton (0.3.0)
    tilt (2.6.1)
    webrick (1.9.1)
    zeitwerk (2.7.3)

PLATFORMS
  arm64-darwin-24
  ruby

DEPENDENCIES
  erubi
  fast_gettext
  kramdown
  listen
  minitest
  rake
  tilt
  webrick
  zeitwerk

BUNDLED WITH
   2.6.9
