GEM
  remote: https://rubygems.org/
  specs:
    zeitwerk (2.7.3)

PLATFORMS
  arm64-darwin-24
  ruby

DEPENDENCIES
  zeitwerk

BUNDLED WITH
   2.6.9
