GEM
  remote: https://rubygems.org/
  specs:
    webrick (1.9.1)
    zeitwerk (2.7.3)

PLATFORMS
  arm64-darwin-24
  ruby

DEPENDENCIES
  webrick
  zeitwerk

BUNDLED WITH
   2.6.9
