GEM
  remote: https://rubygems.org/
  specs:
    erubi (1.13.1)
    ffi (1.17.2)
    ffi (1.17.2-arm64-darwin)
    kramdown (2.5.1)
      rexml (>= 3.3.9)
    listen (3.9.0)
      rb-fsevent (~> 0.10, >= 0.10.3)
      rb-inotify (~> 0.9, >= 0.9.10)
    minitest (5.25.5)
    rake (13.3.0)
    rb-fsevent (0.11.2)
    rb-inotify (0.11.1)
      ffi (~> 1.0)
    rexml (3.4.1)
    tilt (2.6.1)
    webrick (1.9.1)
    zeitwerk (2.7.3)

PLATFORMS
  arm64-darwin-24
  ruby

DEPENDENCIES
  erubi
  kramdown
  listen
  minitest
  rake
  tilt
  webrick
  zeitwerk

BUNDLED WITH
   2.6.9
